GEM
  remote: https://rubygems.org/
  specs:
    basic_queue (0.0.1)
    data_types (1.1.2)
    lazy_priority_queue (0.1.1)
    rgl (0.5.6)
      lazy_priority_queue (~> 0.1.0)
      stream (~> 0.5.2)
    stream (0.5.2)

PLATFORMS
  ruby

DEPENDENCIES
  basic_queue (~> 0.0.1)
  data_types (~> 1.1)
  rgl (~> 0.5.6)

RUBY VERSION
   ruby 2.7.2p137

BUNDLED WITH
   2.1.4
